GEM
  remote: https://rubygems.org/
  specs:
    concurrent-ruby (1.1.6)
    faker (2.11.0)
      i18n (>= 1.6, < 2)
    i18n (1.8.2)
      concurrent-ruby (~> 1.0)
    mysql2 (0.5.3)
    sequel (5.30.0)

PLATFORMS
  ruby

DEPENDENCIES
  faker
  mysql2
  sequel

BUNDLED WITH
   1.17.2
